GEM
  remote: https://rubygems.org/
  specs:
    coderay (1.1.3)
    method_source (1.1.0)
    pry (0.14.2)
      coderay (~> 1.1)
      method_source (~> 1.0)
    ruby-kafka (0.6.7)

PLATFORMS
  ruby

DEPENDENCIES
  pry
  ruby-kafka

BUNDLED WITH
   1.16.3
