GEM
  remote: https://rubygems.org/
  specs:
    coderay (1.1.2)
    method_source (0.9.0)
    pry (0.11.3)
      coderay (~> 1.1.0)
      method_source (~> 0.9.0)
    ruby-kafka (0.6.7)

PLATFORMS
  ruby

DEPENDENCIES
  pry
  ruby-kafka

BUNDLED WITH
   1.16.3
