GEM
  remote: https://rubygems.org/
  specs:
    coderay (1.1.3)
    digest-crc (0.6.5)
      rake (>= 12.0.0, < 14.0.0)
    method_source (1.1.0)
    pry (0.14.2)
      coderay (~> 1.1)
      method_source (~> 1.0)
    rake (13.2.1)
    ruby-kafka (1.5.0)
      digest-crc

PLATFORMS
  ruby

DEPENDENCIES
  pry
  ruby-kafka

BUNDLED WITH
   1.16.3
